NUGET
  remote: https://www.nuget.org/api/v2
    xunit.runner.visualstudio (2.1.0) - version_in_path: true

GROUP Build
NUGET
  remote: https://www.nuget.org/api/v2
    FAKE (4.29.2)

GROUP Test
NUGET
  remote: https://www.nuget.org/api/v2
    FSharp.Control.AsyncSeq (2.0.9)
    FSharp.Core (4.0.0.1)
    FSharpx.Async (1.12)
      FSharp.Control.AsyncSeq
    FSharpx.Collections (1.15.1)
      FSharp.Core
    FSharpx.Extras (1.10.3)
      FSharpx.Async (>= 1.12)
      FSharpx.Collections (>= 1.10.1)
    Fuchu (1.0.3)
      FSharp.Core (>= 3.1.2.1)
    Fuchu.Xunit (0.2.21)
      FSharpx.Extras (>= 1.10 < 2.0)
      Fuchu (>= 1.0 < 2.0)
      xunit.abstractions (>= 2.0 < 3.0)
      xunit.extensibility.core (>= 2.1 < 3.0)
      xunit.extensibility.execution (>= 2.1 < 3.0)
    Unquote (3.1.2) - framework: >= net45
    xunit (2.1) - framework: >= net45
      xunit.assert (2.1)
      xunit.core (2.1)
    xunit.abstractions (2.0)
    xunit.assert (2.1) - framework: >= net45
    xunit.core (2.1) - framework: >= net45
      xunit.extensibility.core (2.1) - framework: >= net45, dnx451, dnxcore50, monoandroid, monotouch, portable-net45+win80+wp80+wpa81, xamarinios, winv4.5, wpv8.0, wpav8.1
      xunit.extensibility.execution (2.1) - framework: >= net45, dnx451, dnxcore50, monoandroid, monotouch, portable-net45+win80+wp80+wpa81, xamarinios, winv4.5, wpv8.0, wpav8.1
    xunit.extensibility.core (2.1)
      xunit.abstractions (2.0)
    xunit.extensibility.execution (2.1)
      xunit.extensibility.core (2.1) - framework: >= net45, dnx451, dnxcore50, monoandroid, monotouch, xamarinios, winv4.5, wpv8.0, wpav8.1
    xunit.runner.console (2.1) - framework: >= net45
